PATH
  remote: .
  specs:
    access_token_wrapper (0.2.1)
      oauth2

GEM
  remote: https://rubygems.org/
  specs:
    faraday (0.15.3)
      multipart-post (>= 1.2, < 3)
    jwt (2.1.0)
    multi_json (1.13.1)
    multi_xml (0.6.0)
    multipart-post (2.0.0)
    oauth2 (1.4.1)
      faraday (>= 0.8, < 0.16.0)
      jwt (>= 1.0, < 3.0)
      multi_json (~> 1.3)
      multi_xml (~> 0.5)
      rack (>= 1.2, < 3)
    rack (2.0.6)
    rake (12.3.1)

PLATFORMS
  ruby

DEPENDENCIES
  access_token_wrapper!
  bundler (~> 1.3)
  rake

BUNDLED WITH
   1.16.6
