PATH
  remote: .
  specs:
    access_token_wrapper (0.2.1)
      oauth2

GEM
  remote: https://rubygems.org/
  specs:
    faraday (1.0.1)
      multipart-post (>= 1.2, < 3)
    jwt (2.2.1)
    multi_json (1.14.1)
    multi_xml (0.6.0)
    multipart-post (2.1.1)
    oauth2 (1.4.4)
      faraday (>= 0.8, < 2.0)
      jwt (>= 1.0, < 3.0)
      multi_json (~> 1.3)
      multi_xml (~> 0.5)
      rack (>= 1.2, < 3)
    rack (2.2.2)
    rake (13.0.1)

PLATFORMS
  ruby

DEPENDENCIES
  access_token_wrapper!
  rake

BUNDLED WITH
   2.1.4
