PATH
  remote: .
  specs:
    access_token_wrapper (0.2.0)
      oauth2

GEM
  remote: https://rubygems.org/
  specs:
    addressable (2.5.2)
      public_suffix (>= 2.0.2, < 4.0)
    crack (0.4.3)
      safe_yaml (~> 1.0.0)
    faraday (0.12.2)
      multipart-post (>= 1.2, < 3)
    hashdiff (0.3.7)
    jwt (1.5.6)
    multi_json (1.12.2)
    multi_xml (0.6.0)
    multipart-post (2.0.0)
    oauth2 (1.4.0)
      faraday (>= 0.8, < 0.13)
      jwt (~> 1.0)
      multi_json (~> 1.3)
      multi_xml (~> 0.5)
      rack (>= 1.2, < 3)
    public_suffix (3.0.1)
    rack (2.0.3)
    rake (12.3.0)
    safe_yaml (1.0.4)
    webmock (3.1.1)
      addressable (>= 2.3.6)
      crack (>= 0.3.2)
      hashdiff

PLATFORMS
  ruby

DEPENDENCIES
  access_token_wrapper!
  bundler (~> 1.3)
  rake
  webmock

BUNDLED WITH
   1.16.1
